GEM
  remote: https://rubygems.org/
  specs:
    faraday (0.9.2)
      multipart-post (>= 1.2, < 3)
    idobata (0.0.9)
      faraday (>= 0.8.8)
    multipart-post (2.0.0)

PLATFORMS
  ruby

DEPENDENCIES
  idobata

BUNDLED WITH
   1.11.2
