GEM
  remote: https://rubygems.org/
  specs:
    coderay (1.1.1)
    faraday (0.9.2)
      multipart-post (>= 1.2, < 3)
    idobata (0.0.9)
      faraday (>= 0.8.8)
    method_source (0.8.2)
    multipart-post (2.0.0)
    power_assert (0.3.0)
    pry (0.10.3)
      coderay (~> 1.1.0)
      method_source (~> 0.8.1)
      slop (~> 3.4)
    slop (3.6.0)
    test-unit (3.2.0)
      power_assert

PLATFORMS
  ruby

DEPENDENCIES
  idobata
  pry
  test-unit

RUBY VERSION
   ruby 2.6.3p62

BUNDLED WITH
   1.17.2
