GEM
  remote: https://rubygems.org/
  specs:
    faraday (0.9.2)
      multipart-post (>= 1.2, < 3)
    idobata (0.0.9)
      faraday (>= 0.8.8)
    multipart-post (2.0.0)
    power_assert (0.2.6)
    test-unit (3.1.5)
      power_assert

PLATFORMS
  ruby

DEPENDENCIES
  idobata
  test-unit

BUNDLED WITH
   1.11.2
